GEM
  remote: https://rubygems.org/
  specs:
    motion-redgreen (0.1.0)
    motion-stump (0.2.1)
    rake (10.0.3)

PLATFORMS
  ruby

DEPENDENCIES
  motion-redgreen
  motion-stump
  rake
