GEM
  remote: https://rubygems.org/
  specs:
    bubble-wrap (1.2.0)
    motion-fontawesome (0.0.1)
      rake
    motion-redgreen (0.1.0)
    motion-stump (0.2.1)
    rake (10.0.4)

PLATFORMS
  ruby

DEPENDENCIES
  bubble-wrap
  motion-fontawesome
  motion-redgreen
  motion-stump
  rake
